GEM
  remote: https://rubygems.org/
  specs:
    mustermann (1.0.3)
    nio4r (2.5.7)
    puma (4.3.8)
      nio4r (~> 2.0)
    rack (2.2.3)
    rack-protection (2.0.7)
      rack
    sinatra (2.0.7)
      mustermann (~> 1.0)
      rack (~> 2.0)
      rack-protection (= 2.0.7)
      tilt (~> 2.0)
    sinatra-param (1.6.0)
      sinatra (>= 1.3)
    tilt (2.0.10)

PLATFORMS
  ruby

DEPENDENCIES
  puma
  sinatra
  sinatra-param

BUNDLED WITH
   1.17.3
